GEM
  remote: https://rubygems.org/
  specs:
    coderay (1.1.0)
    ensure_valid_encoding (0.5.3)
    ffi (1.9.3-java)
    hashie (2.0.5)
    marc (0.8.1)
      ensure_valid_encoding
      unf
    marc-marc4j (0.2.0-java)
      marc (>= 0.7.1)
    method_source (0.8.2)
    pry (0.9.12.6-java)
      coderay (~> 1.0)
      method_source (~> 0.8)
      slop (~> 3.4)
      spoon (~> 0.0)
    slop (3.4.7)
    spoon (0.0.4)
      ffi
    traject (1.0.0)
      hashie (>= 2.0.5, < 2.1)
      marc (>= 0.8.0)
      marc-marc4j (>= 0.1.1)
      slop (>= 3.4.5, < 4.0)
      yell
    unf (0.1.3-java)
    yell (2.0.3)

PLATFORMS
  java

DEPENDENCIES
  marc
  pry
  traject (~> 1.0.0)
