GIT
  remote: git://github.com/traject-project/traject_alephsequential_reader.git
  revision: 72a82ba3910afba51cc20b179d5fa66ef361b3ec
  specs:
    traject_alephsequential_reader (0.1.2)
      marc
      marc_alephsequential
      yell

PATH
  remote: /htapps/mwarin.babel/rubygems/htph
  specs:
    htph (0.0.1)
      jdbc-helper (= 0.8.0)

GEM
  remote: https://rubygems.org/
  specs:
    coderay (1.1.0)
    dotenv (0.10.0)
    dotenv-rails (0.10.0)
      dotenv (= 0.10.0)
    ensure_valid_encoding (0.5.3)
    ffi (1.9.3-java)
    hashie (2.0.5)
    insensitive_hash (0.3.3)
    jdbc-helper (0.8.0)
      insensitive_hash (>= 0.2.4)
      sql_helper (~> 0.1.1)
    marc (0.8.1)
      ensure_valid_encoding
      unf
    marc-marc4j (0.2.0-java)
      marc (>= 0.7.1)
    marc_alephsequential (0.1.2)
      marc
      yell
    method_source (0.8.2)
    pry (0.9.12.6-java)
      coderay (~> 1.0)
      method_source (~> 0.8)
      slop (~> 3.4)
      spoon (~> 0.0)
    slop (3.4.7)
    spoon (0.0.4)
      ffi
    sql_helper (0.1.1)
    traject (1.0.0)
      hashie (>= 2.0.5, < 2.1)
      marc (>= 0.8.0)
      marc-marc4j (>= 0.1.1)
      slop (>= 3.4.5, < 4.0)
      yell
    unf (0.1.3-java)
    yell (2.0.3)

PLATFORMS
  java

DEPENDENCIES
  dotenv-rails
  htph!
  marc
  pry
  traject (~> 1.0.0)
  traject_alephsequential_reader!
